GEM
  remote: http://rubygems.org/
  specs:
    activemodel (3.2.11)
      activesupport (= 3.2.11)
      builder (~> 3.0.0)
    activerecord (3.2.11)
      activemodel (= 3.2.11)
      activesupport (= 3.2.11)
      arel (~> 3.0.2)
      tzinfo (~> 0.3.29)
    activesupport (3.2.11)
      i18n (~> 0.6)
      multi_json (~> 1.0)
    activeuuid (0.4.0)
      activerecord (>= 3.1)
      uuidtools
    arel (3.0.2)
    builder (3.0.4)
    faker (1.1.2)
      i18n (~> 0.5)
    i18n (0.6.1)
    multi_json (1.5.0)
    pg (0.14.1)
    tzinfo (0.3.35)
    uuidtools (2.1.3)

PLATFORMS
  ruby

DEPENDENCIES
  activerecord
  activeuuid
  faker
  pg
